GIT
  remote: git://github.com/opscode/kitchen-ec2.git
  revision: a896b02631a99d79eee753400e83295db41fedae
  specs:
    kitchen-ec2 (0.4.1.dev)
      fog
      test-kitchen (~> 1.0.0.alpha.0)

GIT
  remote: git://github.com/opscode/kitchen-vagrant.git
  revision: ee00de34dcf940574d60e91d93b7a88f3487d82b
  specs:
    kitchen-vagrant (0.9.1.dev)
      test-kitchen (~> 1.0.0.alpha.2)

GIT
  remote: git://github.com/opscode/test-kitchen.git
  revision: bf17d76df4c63bb58f70dd32ce0deb1b09b9df8d
  branch: 1.0
  specs:
    test-kitchen (1.0.0.dev)
      celluloid
      mixlib-shellout
      net-scp
      net-ssh
      pry
      safe_yaml
      thor

GIT
  remote: git://github.com/portertech/kitchen-lxc
  revision: fa81773bbc6c53bb02b436c4e5b6f9b02fcedb02
  specs:
    kitchen-lxc (0.0.1.beta1)
      test-kitchen (>= 1.0.0.alpha.0)

GEM
  remote: https://rubygems.org/
  specs:
    builder (3.2.0)
    celluloid (0.13.0)
      timers (>= 1.0.0)
    coderay (1.0.9)
    erubis (2.7.0)
    excon (0.20.1)
    fog (1.10.1)
      builder
      excon (~> 0.20)
      formatador (~> 0.2.0)
      mime-types
      multi_json (~> 1.0)
      net-scp (~> 1.1)
      net-ssh (>= 2.1.3)
      nokogiri (~> 1.5.0)
      ruby-hmac
    foodcritic (2.1.0)
      erubis
      gherkin (~> 2.11.7)
      nokogiri (~> 1.5.4)
      rak (~> 1.4)
      treetop (~> 1.4.10)
      yajl-ruby (~> 1.1.0)
    formatador (0.2.4)
    gherkin (2.11.8)
      multi_json (~> 1.3)
    method_source (0.8.1)
    mime-types (1.23)
    mixlib-shellout (1.1.0)
    multi_json (1.7.2)
    net-scp (1.1.0)
      net-ssh (>= 2.6.5)
    net-ssh (2.6.7)
    nokogiri (1.5.9)
    polyglot (0.3.3)
    pry (0.9.12.1)
      coderay (~> 1.0.5)
      method_source (~> 0.8)
      slop (~> 3.4)
    rak (1.4)
    ruby-hmac (0.4.0)
    safe_yaml (0.9.1)
    slop (3.4.4)
    thor (0.18.1)
    thor-foodcritic (0.2.0)
      foodcritic
      thor
    timers (1.1.0)
    treetop (1.4.12)
      polyglot
      polyglot (>= 0.3.1)
    yajl-ruby (1.1.0)

PLATFORMS
  ruby

DEPENDENCIES
  foodcritic
  kitchen-ec2!
  kitchen-lxc!
  kitchen-vagrant!
  test-kitchen!
  thor-foodcritic
